Brain Vision Data Exchange Header File Version 1.0
; Data created by the Vision Recorder

[Common Infos]
Codepage=UTF-8
DataFile=12-08-002_ERN.eeg
MarkerFile=12-08-002_ERN.vmrk
DataFormat=BINARY
; Data orientation: MULTIPLEXED=ch1,pt1, ch2,pt1 ...
DataOrientation=MULTIPLEXED
NumberOfChannels=64
; Sampling interval in microseconds
SamplingInterval=2000

[Binary Infos]
BinaryFormat=INT_16

[Channel Infos]
; Each entry: Ch<Channel number>=<Name>,<Reference channel name>,
; <Resolution in "Unit">,<Unit>, Future extensions..
; Fields are delimited by commas, some fields might be omitted (empty).
; Commas in channel names are coded as "\1".
Ch1=Fp1,,0.1,µV
Ch2=Fp2,,0.1,µV
Ch3=F7,,0.1,µV
Ch4=F3,,0.1,µV
Ch5=Fz,,0.1,µV
Ch6=F4,,0.1,µV
Ch7=F8,,0.1,µV
Ch8=FC5,,0.1,µV
Ch9=FC1,,0.1,µV
Ch10=FC2,,0.1,µV
Ch11=FC6,,0.1,µV
Ch12=T7,,0.1,µV
Ch13=C3,,0.1,µV
Ch14=Cz,,0.1,µV
Ch15=C4,,0.1,µV
Ch16=T8,,0.1,µV
Ch17=TP9,,0.1,µV
Ch18=CP5,,0.1,µV
Ch19=CP1,,0.1,µV
Ch20=CP2,,0.1,µV
Ch21=CP6,,0.1,µV
Ch22=TP10,,0.1,µV
Ch23=P7,,0.1,µV
Ch24=P3,,0.1,µV
Ch25=Pz,,0.1,µV
Ch26=P4,,0.1,µV
Ch27=P8,,0.1,µV
Ch28=PO9,,0.1,µV
Ch29=O1,,0.1,µV
Ch30=Oz,,0.1,µV
Ch31=O2,,0.1,µV
Ch32=PO10,,0.1,µV
Ch33=Fpz,,0.1,µV
Ch34=AF7,,0.1,µV
Ch35=AF3,,0.1,µV
Ch36=AF4,,0.1,µV
Ch37=AF8,,0.1,µV
Ch38=F5,,0.1,µV
Ch39=F1,,0.1,µV
Ch40=F2,,0.1,µV
Ch41=F6,,0.1,µV
Ch42=FT9,,0.1,µV
Ch43=FT7,,0.1,µV
Ch44=FC3,,0.1,µV
Ch45=FC4,,0.1,µV
Ch46=FT8,,0.1,µV
Ch47=FT10,,0.1,µV
Ch48=C5,,0.1,µV
Ch49=C1,,0.1,µV
Ch50=C2,,0.1,µV
Ch51=C6,,0.1,µV
Ch52=TP7,,0.1,µV
Ch53=CP3,,0.1,µV
Ch54=CPz,,0.1,µV
Ch55=CP4,,0.1,µV
Ch56=TP8,,0.1,µV
Ch57=PO7,,0.1,µV
Ch58=PO3,,0.1,µV
Ch59=POz,,0.1,µV
Ch60=PO4,,0.1,µV
Ch61=PO8,,0.1,µV
Ch62=RE,,0.1,µV
Ch63=LE,,0.1,µV
Ch64=VEOG,,0.1,µV

[Comment]

A m p l i f i e r  S e t u p
============================
Number of channels: 64
Sampling Rate [Hz]: 500
Sampling Interval [µS]: 2000

Channels
--------
#     Name      Phys. Chn.    Resolution / Unit   Low Cutoff [s]   High Cutoff [Hz]   Notch [Hz]    Gradient         Offset
1     Fp1         1                0.1 µV             DC             1000              Off
2     Fp2         2                0.1 µV             DC             1000              Off
3     F7          3                0.1 µV             DC             1000              Off
4     F3          4                0.1 µV             DC             1000              Off
5     Fz          5                0.1 µV             DC             1000              Off
6     F4          6                0.1 µV             DC             1000              Off
7     F8          7                0.1 µV             DC             1000              Off
8     FC5         8                0.1 µV             DC             1000              Off
9     FC1         9                0.1 µV             DC             1000              Off
10    FC2         10               0.1 µV             DC             1000              Off
11    FC6         11               0.1 µV             DC             1000              Off
12    T7          12               0.1 µV             DC             1000              Off
13    C3          13               0.1 µV             DC             1000              Off
14    Cz          14               0.1 µV             DC             1000              Off
15    C4          15               0.1 µV             DC             1000              Off
16    T8          16               0.1 µV             DC             1000              Off
17    TP9         17               0.1 µV             DC             1000              Off
18    CP5         18               0.1 µV             DC             1000              Off
19    CP1         19               0.1 µV             DC             1000              Off
20    CP2         20               0.1 µV             DC             1000              Off
21    CP6         21               0.1 µV             DC             1000              Off
22    TP10        22               0.1 µV             DC             1000              Off
23    P7          23               0.1 µV             DC             1000              Off
24    P3          24               0.1 µV             DC             1000              Off
25    Pz          25               0.1 µV             DC             1000              Off
26    P4          26               0.1 µV             DC             1000              Off
27    P8          27               0.1 µV             DC             1000              Off
28    PO9         28               0.1 µV             DC             1000              Off
29    O1          29               0.1 µV             DC             1000              Off
30    Oz          30               0.1 µV             DC             1000              Off
31    O2          31               0.1 µV             DC             1000              Off
32    PO10        32               0.1 µV             DC             1000              Off
33    Fpz         33               0.1 µV             DC             1000              Off
34    AF7         34               0.1 µV             DC             1000              Off
35    AF3         35               0.1 µV             DC             1000              Off
36    AF4         36               0.1 µV             DC             1000              Off
37    AF8         37               0.1 µV             DC             1000              Off
38    F5          38               0.1 µV             DC             1000              Off
39    F1          39               0.1 µV             DC             1000              Off
40    F2          40               0.1 µV             DC             1000              Off
41    F6          41               0.1 µV             DC             1000              Off
42    FT9         42               0.1 µV             DC             1000              Off
43    FT7         43               0.1 µV             DC             1000              Off
44    FC3         44               0.1 µV             DC             1000              Off
45    FC4         45               0.1 µV             DC             1000              Off
46    FT8         46               0.1 µV             DC             1000              Off
47    FT10        47               0.1 µV             DC             1000              Off
48    C5          48               0.1 µV             DC             1000              Off
49    C1          49               0.1 µV             DC             1000              Off
50    C2          50               0.1 µV             DC             1000              Off
51    C6          51               0.1 µV             DC             1000              Off
52    TP7         52               0.1 µV             DC             1000              Off
53    CP3         53               0.1 µV             DC             1000              Off
54    CPz         54               0.1 µV             DC             1000              Off
55    CP4         55               0.1 µV             DC             1000              Off
56    TP8         56               0.1 µV             DC             1000              Off
57    PO7         57               0.1 µV             DC             1000              Off
58    PO3         58               0.1 µV             DC             1000              Off
59    POz         59               0.1 µV             DC             1000              Off
60    PO4         60               0.1 µV             DC             1000              Off
61    PO8         61               0.1 µV             DC             1000              Off
62    RE          62               0.1 µV             DC             1000              Off
63    LE          63               0.1 µV             DC             1000              Off
64    VEOG        64               0.1 µV             DC             1000              Off

S o f t w a r e  F i l t e r s
==============================
Disabled


No impedance values available at 18:33:00!
